GEM
  remote: https://rubygems.org/
  specs:
    pg (1.4.3)

PLATFORMS
  arm64-darwin-21

DEPENDENCIES
  pg

RUBY VERSION
   ruby 3.1.2p20

BUNDLED WITH
   2.3.20
