GEM
  remote: https://rubygems.org/
  specs:
    erubis (2.7.0)
    mustermann (1.1.1)
      ruby2_keywords (~> 0.0.1)
    rack (2.2.3)
    rack-protection (2.2.0)
      rack
    rake (10.4.2)
    ruby2_keywords (0.0.5)
    sinatra (2.2.0)
      mustermann (~> 1.0)
      rack (~> 2.2)
      rack-protection (= 2.2.0)
      tilt (~> 2.0)
    tilt (2.0.10)

PLATFORMS
  arm64-darwin-21

DEPENDENCIES
  erubis
  rack
  rake (~> 10.4.0)
  sinatra

RUBY VERSION
   ruby 3.1.2p20

BUNDLED WITH
   2.3.7
