GEM
  remote: https://rubygems.org/
  specs:
    rack (2.0.9.1)
    webrick (1.7.0)

PLATFORMS
  arm64-darwin-21

DEPENDENCIES
  rack (~> 2.0.1)
  webrick

RUBY VERSION
   ruby 3.1.2p20

BUNDLED WITH
   2.3.17
