GEM
  remote: https://rubygems.org/
  specs:
    bcrypt (3.1.18)
    bcrypt-ruby (3.1.5)
      bcrypt (>= 3.1.3)
    erubis (2.7.0)
    multi_json (1.15.0)
    mustermann (1.1.2)
      ruby2_keywords (~> 0.0.1)
    nio4r (2.5.8)
    puma (5.6.5)
      nio4r (~> 2.0)
    rack (2.2.4)
    rack-protection (2.1.0)
      rack
    rack-test (2.0.2)
      rack (>= 1.3)
    redcarpet (3.5.1)
    ruby2_keywords (0.0.5)
    sinatra (2.1.0)
      mustermann (~> 1.0)
      rack (~> 2.2)
      rack-protection (= 2.1.0)
      tilt (~> 2.0)
    sinatra-contrib (2.1.0)
      multi_json
      mustermann (~> 1.0)
      rack-protection (= 2.1.0)
      sinatra (= 2.1.0)
      tilt (~> 2.0)
    tilt (2.0.11)

PLATFORMS
  arm64-darwin-21

DEPENDENCIES
  bcrypt-ruby
  erubis
  puma
  rack-test
  redcarpet
  sinatra (= 2.1.0)
  sinatra-contrib

RUBY VERSION
   ruby 3.1.2p20

BUNDLED WITH
   2.3.20
